GEM
  remote: https://rubygems.org/
  specs:
    ast (2.4.2)
    coderay (1.1.3)
    csv (3.1.2)
    method_source (0.8.2)
    mustermann (1.1.1)
      ruby2_keywords (~> 0.0.1)
    parallel (1.21.0)
    parser (3.0.2.0)
      ast (~> 2.4.1)
    pry (0.10.4)
      coderay (~> 1.1.0)
      method_source (~> 0.8.1)
      slop (~> 3.4)
    rack (2.2.3)
    rack-protection (2.1.0)
      rack
    rainbow (3.0.0)
    regexp_parser (2.1.1)
    rexml (3.2.5)
    rubocop (1.22.2)
      parallel (~> 1.10)
      parser (>= 3.0.0.0)
      rainbow (>= 2.2.2, < 4.0)
      regexp_parser (>= 1.8, < 3.0)
      rexml
      rubocop-ast (>= 1.12.0, < 2.0)
      ruby-progressbar (~> 1.7)
      unicode-display_width (>= 1.4.0, < 3.0)
    rubocop-ast (1.12.0)
      parser (>= 3.0.1.1)
    ruby-progressbar (1.11.0)
    ruby2_keywords (0.0.5)
    shotgun (0.9.2)
      rack (>= 1.0)
    sinatra (2.1.0)
      mustermann (~> 1.0)
      rack (~> 2.2)
      rack-protection (= 2.1.0)
      tilt (~> 2.0)
    slop (3.6.0)
    tilt (2.0.10)
    unicode-display_width (2.1.0)

PLATFORMS
  ruby

DEPENDENCIES
  csv (~> 3.0)
  pry (~> 0.10.3)
  rack (~> 2.2, >= 2.2.3)
  rubocop (~> 1.22, >= 1.22.1)
  shotgun (~> 0.9.2)
  sinatra (~> 2.1)

RUBY VERSION
   ruby 2.7.4p191

BUNDLED WITH
   2.1.4
